FRAMEWORK: >= NET461
NUGET
  remote: https://www.nuget.org/api/v2
    FSharp.Core (3.1.2.5)
    Newtonsoft.Json (9.0.1)
    SQLProvider (1.0.21)
    Suave (1.1.3)
      FSharp.Core (>= 3.1.2.5)
